GEM
  remote: https://rubygems.org/
  specs:
    awesome_print_motion (0.1.0)
    motion-yaml (1.4)
    rake (10.4.2)

PLATFORMS
  ruby

DEPENDENCIES
  awesome_print_motion
  motion-yaml
  rake
