GEM
  remote: https://rubygems.org/
  specs:
    motion-yaml (1.4)
    rake (10.4.2)

PLATFORMS
  ruby

DEPENDENCIES
  motion-yaml
  rake
